GEM
  remote: https://rubygems.org/
  specs:
    pg (1.5.9)

PLATFORMS
  ruby
  x86_64-darwin-21

DEPENDENCIES
  pg

RUBY VERSION
   ruby 3.2.2p53

BUNDLED WITH
   2.5.23
